PATH
  remote: .
  specs:
    kimaya (0.0.1)

GEM
  remote: http://rubygems.org/
  specs:
    activemodel (3.0.6)
      activesupport (= 3.0.6)
      builder (~> 2.1.2)
      i18n (~> 0.5.0)
    activesupport (3.0.6)
    builder (2.1.2)
    i18n (0.5.0)

PLATFORMS
  ruby

DEPENDENCIES
  activemodel
  i18n
  kimaya!
